GEM
  remote: http://rubygems.org/
  remote: http://rubygems.org/
  specs:
    backports (3.2.0)
    eventmachine (1.0.3)
    haml (4.0.1)
      tilt
    json (1.8.0)
    rack (1.5.2)
    rack-protection (1.5.0)
      rack
    rack-test (0.6.2)
      rack (>= 1.0)
    sequel (3.46.0)
    sinatra (1.3.0)
      rack (~> 1.3)
      rack-protection (~> 1.1)
      tilt (~> 1.3)
    sinatra-contrib (1.3.2)
      backports (>= 2.0)
      eventmachine
      rack-protection
      rack-test
      sinatra (~> 1.3.0)
      tilt (~> 1.3)
    tilt (1.3.6)
    warden (1.2.1)
      rack (>= 1.0)

PLATFORMS
  ruby

DEPENDENCIES
  haml
  json
  sequel
  sinatra (= 1.3.0)
  sinatra-contrib
  warden
